PATH
  remote: /Users/philippeperret/Programmes/Gems/precedences
  specs:
    precedences (1.7.1)
      clir (>= 0.16)

GEM
  remote: https://rubygems.org/
  specs:
    Ascii85 (2.0.1)
    addressable (2.8.7)
      public_suffix (>= 2.0.2, < 7.0)
    afm (0.2.2)
    ansi (1.5.0)
    bigdecimal (3.2.2)
    builder (3.3.0)
    clir (0.24.2)
      json
      tty-prompt
    css_parser (1.17.1)
      addressable
    fastimage (2.4.0)
    hashery (2.1.2)
    iconv (1.1.0)
    json (2.12.2)
    matrix (0.4.3)
    minitest (5.25.5)
    minitest-fail-fast (0.1.0)
      minitest (~> 5)
    minitest-reporters (1.7.1)
      ansi
      builder
      minitest (>= 5.0)
      ruby-progressbar
    open3 (0.2.1)
    pastel (0.8.0)
      tty-color (~> 0.5)
    pdf-core (0.10.0)
    pdf-inspector (1.3.0)
      pdf-reader (>= 1.0, < 3.0.a)
    pdf-reader (2.14.1)
      Ascii85 (>= 1.0, < 3.0, != 2.0.0)
      afm (~> 0.2.1)
      hashery (~> 2.0)
      ruby-rc4
      ttfunk
    prawn (2.5.0)
      matrix (~> 0.4)
      pdf-core (~> 0.10.0)
      ttfunk (~> 1.8)
    prawn-svg (0.37.0)
      css_parser (~> 1.6)
      matrix (~> 0.4.2)
      prawn (>= 0.11.1, < 3)
      rexml (>= 3.3.9, < 4)
    prawn-table (0.2.2)
      prawn (>= 1.3.0, < 3.0.0)
    public_suffix (5.1.1)
    rexml (3.4.1)
    ruby-progressbar (1.13.0)
    ruby-rc4 (0.1.5)
    ttfunk (1.8.0)
      bigdecimal (~> 3.1)
    tty-color (0.6.0)
    tty-cursor (0.7.1)
    tty-prompt (0.23.1)
      pastel (~> 0.8)
      tty-reader (~> 0.8)
    tty-reader (0.9.0)
      tty-cursor (~> 0.7)
      tty-screen (~> 0.8)
      wisper (~> 2.0)
    tty-screen (0.8.2)
    wisper (2.0.1)

PLATFORMS
  ruby

DEPENDENCIES
  clir (>= 0.24.2)
  fastimage (= 2.4.0)
  iconv (= 1.1.0)
  minitest
  minitest-fail-fast
  minitest-reporters
  open3 (= 0.2.1)
  pdf-inspector
  pdf-reader
  prawn (~> 2.5)
  prawn-svg (= 0.37.0)
  prawn-table (= 0.2.2)
  precedences!

BUNDLED WITH
   2.1.4
