GEM
  remote: https://rubygems.org/
  specs:
    Ascii85 (1.1.0)
    afm (0.2.2)
    ansi (1.5.0)
    builder (3.2.4)
    clir (0.24.2)
      json
      tty-prompt
    fastimage (2.2.7)
    hashery (2.1.2)
    iconv (1.0.8)
    json (2.7.1)
    minitest (5.16.3)
    minitest-fail-fast (0.1.0)
      minitest (~> 5)
    minitest-reporters (1.5.0)
      ansi
      builder
      minitest (>= 5.0)
      ruby-progressbar
    pastel (0.8.0)
      tty-color (~> 0.5)
    pdf-inspector (1.3.0)
      pdf-reader (>= 1.0, < 3.0.a)
    pdf-reader (2.11.0)
      Ascii85 (~> 1.0)
      afm (~> 0.2.1)
      hashery (~> 2.0)
      ruby-rc4
      ttfunk
    precedences (1.4.1)
      clir (>= 0.16)
    ruby-progressbar (1.11.0)
    ruby-rc4 (0.1.5)
    ttfunk (1.7.0)
    tty-color (0.6.0)
    tty-cursor (0.7.1)
    tty-prompt (0.23.1)
      pastel (~> 0.8)
      tty-reader (~> 0.8)
    tty-reader (0.9.0)
      tty-cursor (~> 0.7)
      tty-screen (~> 0.8)
      wisper (~> 2.0)
    tty-screen (0.8.1)
    wisper (2.0.1)

PLATFORMS
  ruby

DEPENDENCIES
  clir (>= 0.24.2)
  fastimage
  iconv
  minitest
  minitest-fail-fast
  minitest-reporters
  pdf-inspector
  pdf-reader
  precedences

BUNDLED WITH
   2.1.4
